PATH
  remote: .
  specs:
    Erudite (0.0.1pre)

GEM
  remote: https://rubygems.org/
  specs:
    eventmachine (1.0.3)
    minitest (4.3.2)
    murmurhash3 (0.1.4)
    rake (0.9.6)

PLATFORMS
  x64-mingw32

DEPENDENCIES
  Erudite!
  bundler (~> 1.5)
  eventmachine
  minitest
  murmurhash3
  rake
